STORAGE: NONE
RESTRICTION: == net8.0
NUGET
  remote: https://api.nuget.org/v3/index.json
    Expecto (9.0.4)
      FSharp.Core (>= 4.6)
      Mono.Cecil (>= 0.11.3)
    Fable.Browser.Blob (1.4)
      Fable.Core (>= 3.2.8)
      FSharp.Core (>= 4.7.2)
    Fable.Browser.Css (2.5)
      Fable.Browser.Dom (>= 2.16)
      Fable.Browser.Svg (>= 2.4)
      Fable.Core (>= 3.2.8)
      FSharp.Core (>= 4.7.2)
    Fable.Browser.Dom (2.20)
      Fable.Browser.Blob (>= 1.4)
      Fable.Browser.Event (>= 1.7)
      Fable.Browser.WebStorage (>= 1.3)
      Fable.Core (>= 3.2.8)
      FSharp.Core (>= 4.7.2)
    Fable.Browser.Event (1.7)
      Fable.Browser.Gamepad (>= 1.3)
      Fable.Core (>= 3.2.8)
      FSharp.Core (>= 4.7.2)
    Fable.Browser.Gamepad (1.3)
      Fable.Core (>= 3.2.8)
      FSharp.Core (>= 4.7.2)
    Fable.Browser.MediaQueryList (1.5)
      Fable.Browser.Dom (>= 2.16)
      Fable.Browser.Event (>= 1.6)
      Fable.Core (>= 3.2.8)
      FSharp.Core (>= 4.7.2)
    Fable.Browser.Svg (2.4)
      Fable.Browser.Dom (>= 2.16)
      Fable.Core (>= 3.2.8)
      FSharp.Core (>= 4.7.2)
    Fable.Browser.WebStorage (1.3)
      Fable.Browser.Event (>= 1.6)
      Fable.Core (>= 3.2.8)
      FSharp.Core (>= 4.7.2)
    Fable.Browser.XMLHttpRequest (1.4)
      Fable.Browser.Blob (>= 1.4)
      Fable.Browser.Event (>= 1.6)
      Fable.Core (>= 3.2.8)
      FSharp.Core (>= 4.7.2)
    Fable.Core (4.5)
    Fable.Elmish (5.0.2)
      Fable.Core (>= 4.0)
      FSharp.Core (>= 4.7.2)
    Fable.Expect (1.1.1)
      Fable.Browser.Dom (>= 2.5)
      Fable.Core (>= 3.4)
      Fable.Elmish (>= 3.1)
      Fable.Promise (>= 3.1)
      FSharp.Core (>= 5.0)
    Fable.Mocha (2.17)
      Fable.Core (>= 3.0)
      FSharp.Core (>= 4.7)
    Fable.Parsimmon (4.1)
      Fable.Core (>= 3.0)
      FSharp.Core (>= 4.6.2)
    Fable.Promise (3.2)
      Fable.Core (>= 3.7.1)
      FSharp.Core (>= 4.7.2)
    Fable.Remoting.Client (7.35)
      Fable.Browser.XMLHttpRequest (>= 1.0)
      Fable.Core (>= 3.1.5)
      Fable.Remoting.MsgPack (>= 1.25)
      Fable.SimpleJson (>= 3.24)
      FSharp.Core (>= 4.7.2)
    Fable.Remoting.Giraffe (5.24)
      Fable.Remoting.Server (>= 5.42)
      FSharp.Core (>= 6.0)
      Giraffe (>= 5.0)
      Microsoft.IO.RecyclableMemoryStream (>= 3.0 < 4.0)
    Fable.Remoting.Json (2.25)
      FSharp.Core (>= 6.0)
      Newtonsoft.Json (>= 13.0.3)
    Fable.Remoting.MsgPack (1.25)
      FSharp.Core (>= 4.7.2)
    Fable.Remoting.Server (5.42)
      Fable.Remoting.Json (>= 2.25)
      Fable.Remoting.MsgPack (>= 1.25)
      FSharp.Core (>= 6.0)
      Microsoft.AspNetCore.WebUtilities (>= 2.3)
      Microsoft.IO.RecyclableMemoryStream (>= 3.0 < 4.0)
      Microsoft.Net.Http.Headers (>= 2.3)
    Fable.SimpleJson (3.24)
      Fable.Core (>= 3.1.5)
      Fable.Parsimmon (>= 4.0)
      FSharp.Core (>= 4.7)
    Fake.Core.CommandLineParsing (6.1.3)
      FParsec (>= 1.1.1)
      FSharp.Core (>= 8.0.301)
    Fake.Core.Context (6.1.3)
      FSharp.Core (>= 8.0.301)
    Fake.Core.Environment (6.1.3)
      FSharp.Core (>= 8.0.301)
    Fake.Core.FakeVar (6.1.3)
      Fake.Core.Context (>= 6.1.3)
      FSharp.Core (>= 8.0.301)
    Fake.Core.Process (5.23.1)
      Fake.Core.Environment (>= 5.23.1)
      Fake.Core.FakeVar (>= 5.23.1)
      Fake.Core.String (>= 5.23.1)
      Fake.Core.Trace (>= 5.23.1)
      Fake.IO.FileSystem (>= 5.23.1)
      FSharp.Core (>= 6.0)
      System.Collections.Immutable (>= 5.0)
    Fake.Core.String (6.1.3)
      FSharp.Core (>= 8.0.301)
    Fake.Core.Target (5.23.1)
      Fake.Core.CommandLineParsing (>= 5.23.1)
      Fake.Core.Context (>= 5.23.1)
      Fake.Core.Environment (>= 5.23.1)
      Fake.Core.FakeVar (>= 5.23.1)
      Fake.Core.Process (>= 5.23.1)
      Fake.Core.String (>= 5.23.1)
      Fake.Core.Trace (>= 5.23.1)
      FSharp.Control.Reactive (>= 5.0.2)
      FSharp.Core (>= 6.0)
    Fake.Core.Trace (6.1.3)
      Fake.Core.Environment (>= 6.1.3)
      Fake.Core.FakeVar (>= 6.1.3)
      FSharp.Core (>= 8.0.301)
    Fake.IO.FileSystem (5.23.1)
      Fake.Core.String (>= 5.23.1)
      FSharp.Core (>= 6.0)
    Farmer (1.9.21)
      FSharp.Core (>= 5.0)
      System.Text.Json (>= 5.0)
    Feliz.Engine (1.0.0-beta-004)
      FSharp.Core (>= 5.0)
    Feliz.Engine.Bulma (1.0.1)
      Feliz.Engine (>= 1.0.0-beta-004)
      FSharp.Core (>= 5.0.2)
    Feliz.Engine.Event (1.0.0-beta-004)
      Fable.Browser.Dom (>= 2.2)
      Feliz.Engine (>= 1.0.0-beta-004)
      FSharp.Core (>= 5.0)
    FParsec (1.1.1)
      FSharp.Core (>= 4.3.4)
    FSharp.Control.Reactive (6.1.2)
      FSharp.Core (>= 6.0.7)
      System.Reactive (>= 6.0.1)
    FSharp.Control.Websockets (0.3)
      FSharp.Core (>= 6.0)
      Microsoft.IO.RecyclableMemoryStream (>= 3.0)
    FSharp.Core (8.0.403)
    FSharp.SystemTextJson (1.4.36)
      FSharp.Core (>= 4.7)
      System.Text.Json (>= 6.0.10)
    Giraffe (7.0.2)
      FSharp.Core (>= 6.0)
      FSharp.SystemTextJson (>= 1.3.13)
      Giraffe.ViewEngine (>= 1.4)
      Microsoft.IO.RecyclableMemoryStream (>= 3.0.1)
      System.Text.Json (>= 8.0.5)
    Giraffe.ViewEngine (1.4)
      FSharp.Core (>= 5.0)
    Microsoft.AspNetCore.Authentication.JwtBearer (8.0.5)
      Microsoft.IdentityModel.Protocols.OpenIdConnect (>= 7.1.2)
    Microsoft.AspNetCore.WebUtilities (8.0.5)
      Microsoft.Net.Http.Headers (>= 8.0.5)
      System.IO.Pipelines (>= 8.0)
    Microsoft.Extensions.DependencyInjection.Abstractions (9.0.9)
    Microsoft.Extensions.Logging.Abstractions (9.0.9)
      Microsoft.Extensions.DependencyInjection.Abstractions (>= 9.0.9)
      System.Diagnostics.DiagnosticSource (>= 9.0.9)
    Microsoft.Extensions.Primitives (9.0.9)
    Microsoft.IdentityModel.Abstractions (8.14)
    Microsoft.IdentityModel.JsonWebTokens (8.14)
      Microsoft.IdentityModel.Tokens (>= 8.14)
    Microsoft.IdentityModel.Logging (8.14)
      Microsoft.IdentityModel.Abstractions (>= 8.14)
    Microsoft.IdentityModel.Protocols (8.14)
      Microsoft.IdentityModel.Tokens (>= 8.14)
    Microsoft.IdentityModel.Protocols.OpenIdConnect (8.14)
      Microsoft.IdentityModel.Protocols (>= 8.14)
      System.IdentityModel.Tokens.Jwt (>= 8.14)
    Microsoft.IdentityModel.Tokens (8.14)
      Microsoft.Extensions.Logging.Abstractions (>= 8.0)
      Microsoft.IdentityModel.Logging (>= 8.14)
    Microsoft.IO.RecyclableMemoryStream (3.0.1)
    Microsoft.Net.Http.Headers (8.0.5)
      Microsoft.Extensions.Primitives (>= 8.0)
    Mono.Cecil (0.11.6)
    Newtonsoft.Json (13.0.4)
    Saturn (0.17)
      FSharp.Control.Websockets (>= 0.2.2)
      Giraffe (>= 6.4)
      Microsoft.AspNetCore.Authentication.JwtBearer (>= 6.0.3)
    Sutil (2.0.16)
      Fable.Browser.Css (>= 2.5)
      Fable.Browser.Dom (>= 2.17)
      Fable.Browser.Event (>= 1.6)
      Fable.Browser.MediaQueryList (>= 1.5)
      Fable.Core (>= 3.7.1)
      Fable.Promise (>= 3.2)
      Feliz.Engine (>= 1.0.0-beta-004)
      Feliz.Engine.Bulma (>= 1.0.1)
      Feliz.Engine.Event (>= 1.0.0-beta-004)
      FSharp.Core (>= 5.0.2)
    Sutil.Router (0.0.3)
      FSharp.Core (>= 8.0.100)
      Sutil (>= 2.0.11)
    System.Collections.Immutable (8.0)
    System.Diagnostics.DiagnosticSource (9.0.9)
    System.IdentityModel.Tokens.Jwt (8.14)
      Microsoft.IdentityModel.JsonWebTokens (>= 8.14)
      Microsoft.IdentityModel.Tokens (>= 8.14)
    System.IO.Pipelines (8.0)
    System.Reactive (6.0.2)
    System.Text.Encodings.Web (8.0)
    System.Text.Json (8.0.6)
    Zanaptak.TypedCssClasses (1.0)
      FSharp.Core (>= 4.3.4)
